GEM
  remote: https://rubygems.org/
  specs:
    awesome_print (1.1.0)
    coderay (1.0.9)
    fastercsv (1.5.5)
    gli (2.7.0)
    gooddata (0.5.14)
      json
      json_pure
      parseconfig
      rest-client
      rubyzip
    json (1.8.0)
    json_pure (1.8.0)
    method_source (0.8.2)
    mime-types (1.24)
    parseconfig (1.0.2)
    pry (0.9.12.2)
      coderay (~> 1.0.5)
      method_source (~> 0.8)
      slop (~> 3.4)
    rest-client (1.6.7)
      mime-types (>= 1.16)
    rubyzip (0.9.9)
    slop (3.4.6)

PLATFORMS
  ruby

DEPENDENCIES
  awesome_print (~> 1.1.0)
  fastercsv (~> 1.5.5)
  gli (~> 2.7.0)
  gooddata (= 0.5.14)
  pry
