GEM
  remote: https://rubygems.org/
  specs:
    coderay (1.0.9)
    colorize (0.5.8)
    curb (0.8.5)
    fastercsv (1.5.5)
    gli (2.7.0)
    gooddata (0.5.14)
      json
      json_pure
      parseconfig
      rest-client
      rubyzip
    json (1.8.0)
    json_pure (1.8.0)
    method_source (0.8.2)
    mime-types (1.24)
    mini_portile (0.5.2)
    net_dav (0.5.0)
      nokogiri (>= 1.3.0)
    nokogiri (1.6.0)
      mini_portile (~> 0.5.0)
    parseconfig (1.0.2)
    pry (0.9.12.2)
      coderay (~> 1.0.5)
      method_source (~> 0.8)
      slop (~> 3.4)
    rest-client (1.6.7)
      mime-types (>= 1.16)
    rubyzip (0.9.9)
    slop (3.4.6)

PLATFORMS
  ruby

DEPENDENCIES
  colorize
  curb
  fastercsv (~> 1.5.5)
  gli (~> 2.7.0)
  gooddata (= 0.5.14)
  net_dav
  pry
