GEM
  remote: https://rubygems.org/
  specs:
    coderay (1.1.0)
    colorize (0.7.2)
    coveralls (0.7.0)
      multi_json (~> 1.3)
      rest-client
      simplecov (>= 0.7)
      term-ansicolor
      thor
    curb (0.8.5)
    diff-lcs (1.2.5)
    docile (1.1.3)
    fastercsv (1.5.5)
    gli (2.7.0)
    gooddata (0.5.16)
      json
      json_pure
      parseconfig
      rest-client
      rubyzip (< 1.0.0)
    json (1.8.1)
    json_pure (1.8.1)
    mail (2.6.0)
      mime-types (>= 1.16, < 3)
    method_source (0.8.2)
    mime-types (2.0)
    mini_portile (0.5.2)
    multi_json (1.9.3)
    net_dav (0.5.0)
      nokogiri (>= 1.3.0)
    nokogiri (1.6.0)
      mini_portile (~> 0.5.0)
    parseconfig (1.0.2)
    pony (1.8)
      mail (>= 2.0)
    pry (0.9.12.6)
      coderay (~> 1.0)
      method_source (~> 0.8)
      slop (~> 3.4)
    rest-client (1.6.7)
      mime-types (>= 1.16)
    rspec (2.14.1)
      rspec-core (~> 2.14.0)
      rspec-expectations (~> 2.14.0)
      rspec-mocks (~> 2.14.0)
    rspec-core (2.14.8)
    rspec-expectations (2.14.5)
      diff-lcs (>= 1.1.3, < 2.0)
    rspec-mocks (2.14.6)
    rubyzip (0.9.9)
    simplecov (0.8.2)
      docile (~> 1.1.0)
      multi_json
      simplecov-html (~> 0.8.0)
    simplecov-html (0.8.0)
    slop (3.5.0)
    state_machine (1.2.0)
    term-ansicolor (1.3.0)
      tins (~> 1.0)
    thor (0.19.1)
    tins (1.1.0)
    yard (0.8.7.4)
    yard-rspec (0.1)
      yard

PLATFORMS
  ruby

DEPENDENCIES
  colorize (~> 0.7.0)
  coveralls (~> 0.7.0)
  curb (~> 0.8.5)
  fastercsv (~> 1.5.5)
  gli (~> 2.7.0)
  gooddata (~> 0.5.16)
  net_dav (~> 0.5.0)
  pony
  pry (~> 0.9.12.6)
  rspec (~> 2.14.1)
  rubyzip (< 1.0.0)
  simplecov (~> 0.8.2)
  state_machine
  yard (~> 0.8.7.3)
  yard-rspec (~> 0.1)
